GEM
  remote: https://rubygems.org/
  specs:
    hanzo (0.6.1)
      highline (>= 1.6.19)
    highline (1.7.8)

PLATFORMS
  ruby

DEPENDENCIES
  hanzo

BUNDLED WITH
   1.15.3
