GEM
  specs:
    hanzo (0.4.2)
      highline (>= 1.6.19)
    highline (1.6.21)

PLATFORMS
  ruby

DEPENDENCIES
  hanzo
